GIT
  remote: https://github.com/randym/axlsx
  revision: 64038e6af1db608daae2aad49874071070285eac
  branch: release-3.0.0
  specs:
    axlsx (3.0.0.pre)
      htmlentities (~> 4.3.4)
      mimemagic (~> 0.3)
      nokogiri (>= 1.7.1)
      rubyzip (~> 1.2, >= 1.2.1)

GIT
  remote: https://github.com/tristanm/jstree-rails.git
  revision: 66fbbb9ffc4ce8963cbd1717ef100864e7c5df1d
  specs:
    jstree-rails (0.0.1)
      rails (>= 3.1)

GEM
  remote: https://rubygems.org/
  specs:
    Ascii85 (1.0.2)
    actionmailer (3.2.22)
      actionpack (= 3.2.22)
      mail (~> 2.5.4)
    actionpack (3.2.22)
      activemodel (= 3.2.22)
      activesupport (= 3.2.22)
      builder (~> 3.0.0)
      erubis (~> 2.7.0)
      journey (~> 1.0.4)
      rack (~> 1.4.5)
      rack-cache (~> 1.2)
      rack-test (~> 0.6.1)
      sprockets (~> 2.2.1)
    activemodel (3.2.22)
      activesupport (= 3.2.22)
      builder (~> 3.0.0)
    activerecord (3.2.22)
      activemodel (= 3.2.22)
      activesupport (= 3.2.22)
      arel (~> 3.0.2)
      tzinfo (~> 0.3.29)
    activeresource (3.2.22)
      activemodel (= 3.2.22)
      activesupport (= 3.2.22)
    activesupport (3.2.22)
      i18n (~> 0.6, >= 0.6.4)
      multi_json (~> 1.0)
    acts-as-taggable-on (2.4.1)
      rails (>= 3, < 5)
    afm (0.2.0)
    airbrussh (1.3.1)
      sshkit (>= 1.6.1, != 1.7.0)
    annotate (2.6.5)
      activerecord (>= 2.3.0)
      rake (>= 0.8.7)
    appsignal (1.1.9)
      rack
      thread_safe
    arel (3.0.3)
    ast (2.0.0)
    astrolabe (1.3.0)
      parser (>= 2.2.0.pre.3, < 3.0)
    authlogic (3.5.0)
      activerecord (>= 3.2, < 5.1)
      activesupport (>= 3.2, < 5.1)
      request_store (~> 1.0)
      scrypt (>= 1.2, < 4.0)
    awesome_nested_set (2.1.6)
      activerecord (>= 3.0.0)
    builder (3.0.4)
    byebug (6.0.2)
    cancan (1.6.10)
    capistrano (3.11.0)
      airbrussh (>= 1.0.0)
      i18n
      rake (>= 10.0.0)
      sshkit (>= 1.9.0)
    capistrano-bundler (1.1.4)
      capistrano (~> 3.1)
      sshkit (~> 1.2)
    capistrano-local-precompile (1.2.0)
      capistrano (>= 3.8)
    capistrano-multiconfig (3.1.0)
      capistrano (>= 3.7.0)
    capistrano-passenger (0.1.1)
      capistrano (~> 3.0)
    capistrano-rails (1.1.3)
      capistrano (~> 3.1)
      capistrano-bundler (~> 1.1)
    capistrano-rvm (0.1.2)
      capistrano (~> 3.0)
      sshkit (~> 1.2)
    capistrano-sidekiq (0.4.0)
      capistrano
      sidekiq
    celluloid (0.17.0)
      bundler
      celluloid-essentials
      celluloid-extras
      celluloid-fsm
      celluloid-pool
      celluloid-supervision
      dotenv
      nenv
      rspec-logsplit (>= 0.1.2)
      timers (~> 4.0.0)
    celluloid-essentials (0.20.1.1)
      bundler
      dotenv
      nenv
      rspec-logsplit (>= 0.1.2)
      timers (~> 4.0.0)
    celluloid-extras (0.20.0)
      bundler
      dotenv
      nenv
      rspec-logsplit (>= 0.1.2)
      timers (~> 4.0.0)
    celluloid-fsm (0.20.0)
      bundler
      dotenv
      nenv
      rspec-logsplit (>= 0.1.2)
      timers (~> 4.0.0)
    celluloid-pool (0.20.0)
      bundler
      dotenv
      nenv
      rspec-logsplit (>= 0.1.2)
      timers (~> 4.0.0)
    celluloid-supervision (0.20.0)
      bundler
      dotenv
      nenv
      rspec-logsplit (>= 0.1.2)
      timers (~> 4.0.0)
    climate_control (0.0.3)
      activesupport (>= 3.0)
    cocaine (0.5.7)
      climate_control (>= 0.0.3, < 1.0)
    coffee-rails (3.2.2)
      coffee-script (>= 2.2.0)
      railties (~> 3.2.0)
    coffee-script (2.3.0)
      coffee-script-source
      execjs
    coffee-script-source (1.9.0)
    concurrent-ruby (1.1.5)
    connection_pool (2.2.0)
    crass (1.0.3)
    database_cleaner (1.4.0)
    dotenv (1.0.2)
    dotenv-rails (1.0.2)
      dotenv (= 1.0.2)
    enumerate_it (1.0.3)
      activesupport (>= 3.0.0)
    erubis (2.7.0)
    execjs (2.3.0)
    factory_girl (4.2.0)
      activesupport (>= 3.0.0)
    factory_girl_rails (4.2.1)
      factory_girl (~> 4.2.0)
      railties (>= 3.0.0)
    faker (1.6.6)
      i18n (~> 0.5)
    fastercsv (1.5.5)
    ffi (1.12.2)
    ffi-compiler (1.0.1)
      ffi (>= 1.0.0)
      rake
    font-awesome-rails (4.3.0.0)
      railties (>= 3.2, < 5.0)
    foreigner (1.5.0)
      activerecord (>= 3.0.0)
    formtastic (2.2.1)
      actionpack (>= 3.0)
    gritter (1.1.0)
    hashery (2.1.0)
    hike (1.2.3)
    hitimes (1.2.2)
    htmlentities (4.3.4)
    i18n (0.9.5)
      concurrent-ruby (~> 1.0)
    journey (1.0.4)
    jqgrid-jquery-rails (4.4.5.0)
      jquery-rails
      jquery-ui-rails
      railties (~> 3.1)
    jquery-cookie-rails (1.3.1.1)
      railties (>= 3.2.0, < 5.0)
    jquery-placeholder-rails (2.0.7)
    jquery-rails (2.1.4)
      railties (>= 3.0, < 5.0)
      thor (>= 0.14, < 2.0)
    jquery-tablesorter (1.16.3)
      railties (>= 3.2, < 5)
    jquery-ui-rails (2.0.1)
      jquery-rails
      railties (>= 3.1.0)
    json (1.8.3)
    mail (2.5.4)
      mime-types (~> 1.16)
      treetop (~> 1.4.8)
    metaclass (0.0.4)
    mime-types (1.25.1)
    mimemagic (0.3.9)
    mini_portile2 (2.1.0)
    minitest (4.7.5)
    minitest-rails (1.0.1)
      minitest (~> 4.7)
      minitest-test (~> 1.0)
      railties (>= 3.0, < 4.1)
    minitest-test (1.1.0)
      minitest (~> 4.0)
    mocha (1.1.0)
      metaclass (~> 0.0.1)
    multi_json (1.12.1)
    nenv (0.2.0)
    net-scp (2.0.0)
      net-ssh (>= 2.6.5, < 6.0.0)
    net-ssh (4.2.0)
    newrelic_rpm (3.12.0.288)
    nokogiri (1.7.2)
      mini_portile2 (~> 2.1.0)
    nokogumbo (1.5.0)
      nokogiri
    paperclip (4.2.1)
      activemodel (>= 3.0.0)
      activesupport (>= 3.0.0)
      cocaine (~> 0.5.3)
      mime-types
    parser (2.2.2.2)
      ast (>= 1.1, < 3.0)
    pdf-reader (1.3.3)
      Ascii85 (~> 1.0.0)
      afm (~> 0.2.0)
      hashery (~> 2.0)
      ruby-rc4
      ttfunk
    pg (0.15.1)
    polyglot (0.3.5)
    power_assert (0.2.4)
    powerpack (0.1.1)
    prawn (0.12.0)
      pdf-reader (>= 0.9.0)
      ttfunk (~> 1.0.2)
    quiet_assets (1.1.0)
      railties (>= 3.1, < 5.0)
    rack (1.4.7)
    rack-cache (1.2)
      rack (>= 0.4)
    rack-protection (1.5.0)
      rack
    rack-ssl (1.3.4)
      rack
    rack-test (0.6.3)
      rack (>= 1.0)
    rails (3.2.22)
      actionmailer (= 3.2.22)
      actionpack (= 3.2.22)
      activerecord (= 3.2.22)
      activeresource (= 3.2.22)
      activesupport (= 3.2.22)
      bundler (~> 1.0)
      railties (= 3.2.22)
    rails-secrets (1.0.2)
      rails (>= 3.2.0, <= 4.1.0)
    railties (3.2.22)
      actionpack (= 3.2.22)
      activesupport (= 3.2.22)
      rack-ssl (~> 1.3.2)
      rake (>= 0.8.7)
      rdoc (~> 3.4)
      thor (>= 0.14.6, < 2.0)
    rainbow (2.0.0)
    rake (10.0.3)
    rdoc (3.12.2)
      json (~> 1.4)
    recaptcha (4.9.0)
      json
    redis (3.2.1)
    redis-namespace (1.5.2)
      redis (~> 3.0, >= 3.0.4)
    redis-session-store (0.9.1)
      actionpack (>= 3, < 5.1)
      redis (~> 3)
    request_store (1.3.2)
    rspec-logsplit (0.1.3)
    rubocop (0.31.0)
      astrolabe (~> 1.3)
      parser (>= 2.2.2.1, < 3.0)
      powerpack (~> 0.1)
      rainbow (>= 1.99.1, < 3.0)
      ruby-progressbar (~> 1.4)
    ruby-prof (0.15.8)
    ruby-progressbar (1.7.5)
    ruby-rc4 (0.1.5)
    rubyzip (1.2.1)
    sanitize (4.6.0)
      crass (~> 1.0.2)
      nokogiri (>= 1.4.4)
      nokogumbo (~> 1.4)
    sass (3.4.13)
    sass-rails (3.2.6)
      railties (~> 3.2.0)
      sass (>= 3.1.10)
      tilt (~> 1.3)
    scrypt (3.0.7)
      ffi-compiler (>= 1.0, < 2.0)
    select2-rails (4.0.0)
      thor (~> 0.14)
    sexy_relations (1.0.4)
      activerecord (>= 3.0)
    shoulda-context (1.2.1)
    sidekiq (3.3.4)
      celluloid (>= 0.16.0)
      connection_pool (>= 2.1.1)
      json
      redis (>= 3.0.6)
      redis-namespace (>= 1.3.1)
    sidekiq-status (0.5.1)
      sidekiq (>= 2.7, < 3.4)
    sinatra (1.4.3)
      rack (~> 1.4)
      rack-protection (~> 1.4)
      tilt (~> 1.3, >= 1.3.4)
    sprockets (2.2.3)
      hike (~> 1.2)
      multi_json (~> 1.0)
      rack (~> 1.0)
      tilt (~> 1.1, != 1.3.0)
    sshkit (1.18.2)
      net-scp (>= 1.1.2)
      net-ssh (>= 2.8.0)
    test-unit (3.1.3)
      power_assert
    thor (0.19.1)
    thread_safe (0.3.5)
    thread_variables (0.2.0)
    tilt (1.4.1)
    time_bandits (0.7.3)
      activesupport (>= 2.3.2)
      thread_variables
    timers (4.0.1)
      hitimes
    tinymce-rails (4.0)
      railties (>= 3.1.1)
    tinymce-rails-langs (4.20140129)
      tinymce-rails (~> 4.0)
    tooltipster-rails (3.2.6)
    traco (3.1.6)
      activerecord (>= 3.0)
    treetop (1.4.15)
      polyglot
      polyglot (>= 0.3.1)
    ttfunk (1.0.3)
    tzinfo (0.3.52)
    uglifier (2.7.0)
      execjs (>= 0.3.0)
      json (>= 1.8.0)

PLATFORMS
  ruby

DEPENDENCIES
  acts-as-taggable-on
  annotate
  appsignal
  authlogic
  awesome_nested_set
  axlsx!
  byebug
  cancan
  capistrano (~> 3.11.0)
  capistrano-bundler
  capistrano-local-precompile (~> 1.2.0)
  capistrano-multiconfig (~> 3.1.0)
  capistrano-passenger
  capistrano-rails
  capistrano-rvm
  capistrano-sidekiq
  coffee-rails (~> 3.2.0)
  database_cleaner
  dotenv-rails
  enumerate_it
  factory_girl_rails (~> 4.2.0)
  faker
  fastercsv
  font-awesome-rails
  foreigner
  formtastic
  gritter (= 1.1.0)
  htmlentities
  jqgrid-jquery-rails (~> 4.4.001)
  jquery-cookie-rails (~> 1.3.1.1)
  jquery-placeholder-rails (~> 2.0.7)
  jquery-rails (= 2.1.4)
  jquery-tablesorter (~> 1.16.3)
  jquery-ui-rails (= 2.0.1)
  json
  jstree-rails!
  minitest-rails (~> 1.0)
  mocha
  newrelic_rpm
  nokogiri (~> 1.7.1)
  paperclip (~> 4.2.1)
  pg
  prawn
  quiet_assets
  rails (= 3.2.22)
  rails-secrets
  rake (= 10.0.3)
  recaptcha
  redis
  redis-session-store
  rubocop
  ruby-prof
  sanitize
  sass-rails (~> 3.2.0)
  select2-rails
  sexy_relations (~> 1.0.4)
  shoulda-context
  sidekiq
  sidekiq-status
  sinatra
  test-unit (~> 3.1)
  time_bandits
  tinymce-rails (= 4.0)
  tinymce-rails-langs (~> 4.2)
  tooltipster-rails (~> 3.2.6)
  traco
  uglifier

BUNDLED WITH
   1.17.3
